PATH
  remote: .
  specs:
    gnegraph (0.1)
      activesupport (>= 3.0.0)
      ruby-graphviz

PATH
  remote: ~/bo/programming/github/dslblock
  specs:
    dslblock (0.0.1)
      activesupport (>= 3.0.0)

GEM
  remote: http://rubygems.org/
  specs:
    activesupport (3.2.9)
      i18n (~> 0.6)
      multi_json (~> 1.0)
    i18n (0.6.1)
    multi_json (1.5.0)
    ruby-graphviz (1.0.8)

PLATFORMS
  ruby

DEPENDENCIES
  dslblock!
  gnegraph!
